GEM
  remote: https://rubygems.org/
  specs:
    dotenv (2.7.6)
    gmail (0.7.1)
      gmail_xoauth (>= 0.3.0)
      mail (>= 2.2.1)
    gmail_xoauth (0.4.2)
      oauth (>= 0.3.6)
    mail (2.7.1)
      mini_mime (>= 0.1.1)
    mini_mime (1.0.2)
    oauth (0.5.4)

PLATFORMS
  ruby

DEPENDENCIES
  dotenv
  gmail

RUBY VERSION
   ruby 2.7.1p83

BUNDLED WITH
   1.17.3
